GIT
  remote: git@github.com:versionone/verver.git
  revision: 58e6e033a009d146e86c4513c8f44986b217a42b
  specs:
    verver (0.0.16.3)
      activesupport (~> 3.2.2)
      httparty (~> 0.8.1)
      nokogiri (~> 1.5.0)
      rake (~> 0.9.2)
      rest-client (~> 1.6.7)

GEM
  specs:
    activesupport (3.2.2)
      i18n (~> 0.6)
      multi_json (~> 1.0)
    builder (3.0.0)
    childprocess (0.3.1)
      ffi (~> 1.0.6)
    cucumber (1.1.9)
      builder (>= 2.1.2)
      diff-lcs (>= 1.1.2)
      gherkin (~> 2.9.0)
      json (>= 1.4.6)
      term-ansicolor (>= 1.0.6)
    diff-lcs (1.1.3)
    ffi (1.0.11)
    gherkin (2.9.3)
      json (>= 1.4.6)
    httparty (0.8.1)
      multi_json
      multi_xml
    i18n (0.6.0)
    json (1.6.6)
    mime-types (1.18)
    multi_json (1.2.0)
    multi_xml (0.4.2)
    nokogiri (1.5.2)
    rake (0.9.2.2)
    rest-client (1.6.7)
      mime-types (>= 1.16)
    rspec (2.9.0)
      rspec-core (~> 2.9.0)
      rspec-expectations (~> 2.9.0)
      rspec-mocks (~> 2.9.0)
    rspec-core (2.9.0)
    rspec-expectations (2.9.0)
      diff-lcs (~> 1.1.3)
    rspec-mocks (2.9.0)
    rubyzip (0.9.6.1)
    selenium-webdriver (2.20.0)
      childprocess (>= 0.2.5)
      ffi (~> 1.0)
      multi_json (~> 1.0)
      rubyzip
    term-ansicolor (1.0.7)
    watir-webdriver (0.5.4)
      selenium-webdriver (>= 2.18.0)
    xml-simple (1.1.1)

PLATFORMS
  ruby

DEPENDENCIES
  cucumber
  rake
  rest-client
  rspec
  verver!
  watir-webdriver
  xml-simple
